GEM
  remote: https://rubygems.org/
  specs:
    ProMotion (2.4.2)
      methadone (~> 1.7)
      motion_print (~> 1.0)
    ProMotion-form (0.3.1)
      ProMotion (~> 2.0)
      motion-cocoapods (~> 1.4)
    ProMotion-map (0.7.0)
      ProMotion (~> 2.0)
    ProMotion-menu (1.1.0)
      ProMotion (~> 2)
      motion-cocoapods (~> 1)
    ProMotion-push (0.3.1)
      ProMotion (~> 2.0)
    RedAlert (1.1)
      ruby_motion_query (>= 1.3.4)
    activesupport (3.2.22)
      i18n (~> 0.6, >= 0.6.4)
      multi_json (~> 1.0)
    afmotion (2.5)
      motion-cocoapods (>= 1.4.1)
      motion-require (>= 0.1)
    claide (0.8.1)
    cocoapods (0.37.2)
      activesupport (>= 3.2.15)
      claide (~> 0.8.1)
      cocoapods-core (= 0.37.2)
      cocoapods-downloader (~> 0.9.0)
      cocoapods-plugins (~> 0.4.2)
      cocoapods-trunk (~> 0.6.1)
      cocoapods-try (~> 0.4.5)
      colored (~> 1.2)
      escape (~> 0.0.4)
      molinillo (~> 0.2.3)
      nap (~> 0.8)
      xcodeproj (~> 0.24.2)
    cocoapods-core (0.37.2)
      activesupport (>= 3.2.15)
      fuzzy_match (~> 2.0.4)
      nap (~> 0.8.0)
    cocoapods-downloader (0.9.0)
    cocoapods-plugins (0.4.2)
      nap
    cocoapods-trunk (0.6.1)
      nap (>= 0.8)
      netrc (= 0.7.8)
    cocoapods-try (0.4.5)
    colored (1.2)
    dbt (1.1.5)
    dotenv (2.0.2)
    escape (0.0.4)
    fuzzy_match (2.0.4)
    i18n (0.7.0)
    methadone (1.9.1)
      bundler
    molinillo (0.2.3)
    motion-awesome (0.0.6)
      motion-map
    motion-cocoapods (1.7.1)
      cocoapods (>= 0.34)
    motion-env (0.0.4)
    motion-kit (0.12.0)
      dbt (~> 1.1.5)
    motion-map (0.0.4)
    motion-require (0.2.0)
    motion_print (1.1.2)
    multi_json (1.11.1)
    nap (0.8.0)
    netrc (0.7.8)
    newclear (1.2)
      reset-sim
    rake (10.4.2)
    redpotion (1.3.0)
      ProMotion (>= 2.4.2)
      RedAlert
      motion-cocoapods
      motion_print
      rake
      ruby_motion_query (>= 1.4.0)
    reset-sim (1.0)
    ruby_motion_query (1.5.0)
    sugarcube (3.3.5)
    sweet-kit (0.4.0)
      motion-kit (~> 0.12.0)
      sugarcube
    xcodeproj (0.24.2)
      activesupport (>= 3)
      colored (~> 1.2)

PLATFORMS
  ruby

DEPENDENCIES
  ProMotion-form
  ProMotion-map (~> 0.3)
  ProMotion-menu
  ProMotion-push (~> 0.2)
  afmotion
  dotenv
  motion-awesome
  motion-cocoapods
  motion-env
  motion-kit
  newclear
  rake
  redpotion
  sugarcube
  sweet-kit
